GEM
  remote: https://rubygems.org/
  specs:
    addressable (2.5.2)
      public_suffix (>= 2.0.2, < 4.0)
    ast (2.4.0)
    bson (4.3.0)
    bson_ext (1.5.1)
    crack (0.4.3)
      safe_yaml (~> 1.0.0)
    dotenv (2.2.1)
    hashdiff (0.3.7)
    minitest (5.11.3)
    minitest-color (0.0.2)
      minitest (~> 5)
    mongo (2.5.1)
      bson (>= 4.3.0, < 5.0.0)
    multi_json (1.13.1)
    mustermann (1.0.2)
    parallel (1.12.1)
    parser (2.5.0.1)
      ast (~> 2.4.0)
    powerpack (0.1.1)
    public_suffix (3.0.2)
    puma (3.11.2)
    rack (2.0.4)
    rack-protection (2.0.1)
      rack
    rack-test (0.8.2)
      rack (>= 1.0, < 3)
    rainbow (3.0.0)
    rake (12.3.0)
    rollbar (2.15.5)
      multi_json
    rubocop (0.52.1)
      parallel (~> 1.10)
      parser (>= 2.4.0.2, < 3.0)
      powerpack (~> 0.1)
      rainbow (>= 2.2.2, < 4.0)
      ruby-progressbar (~> 1.7)
      unicode-display_width (~> 1.0, >= 1.0.1)
    ruby-progressbar (1.9.0)
    safe_yaml (1.0.4)
    sinatra (2.0.1)
      mustermann (~> 1.0)
      rack (~> 2.0)
      rack-protection (= 2.0.1)
      tilt (~> 2.0)
    tilt (2.0.8)
    unicode-display_width (1.3.0)
    webmock (3.3.0)
      addressable (>= 2.3.6)
      crack (>= 0.3.2)
      hashdiff

PLATFORMS
  ruby

DEPENDENCIES
  bson_ext
  dotenv
  minitest (~> 5.0)
  minitest-color
  mongo
  puma
  rack-test
  rake
  rollbar
  rubocop
  sinatra
  webmock

RUBY VERSION
   ruby 2.4.1p111

BUNDLED WITH
   1.16.1
