GEM
  remote: https://rubygems.org/
  specs:
    addressable (2.8.0)
      public_suffix (>= 2.0.2, < 5.0)
    ast (2.4.2)
    bson (4.12.0)
    bson_ext (1.5.1)
    byebug (11.1.3)
    coderay (1.1.3)
    crack (0.4.5)
      rexml
    dotenv (2.7.6)
    ffi (1.15.0)
    hashdiff (1.0.1)
    listen (3.5.1)
      rb-fsevent (~> 0.10, >= 0.10.3)
      rb-inotify (~> 0.9, >= 0.9.10)
    method_source (1.0.0)
    minitest (5.14.4)
    minitest-color (0.0.2)
      minitest (~> 5)
    mongo (2.14.0)
      bson (>= 4.8.2, < 5.0.0)
    mustermann (1.1.1)
      ruby2_keywords (~> 0.0.1)
    nio4r (2.5.7)
    parallel (1.20.1)
    parser (3.0.1.0)
      ast (~> 2.4.1)
    pry (0.13.1)
      coderay (~> 1.1)
      method_source (~> 1.0)
    pry-byebug (3.9.0)
      byebug (~> 11.0)
      pry (~> 0.13.0)
    public_suffix (4.0.6)
    puma (5.3.1)
      nio4r (~> 2.0)
    rack (2.2.3)
    rack-protection (2.1.0)
      rack
    rack-test (1.1.0)
      rack (>= 1.0, < 3)
    rainbow (3.0.0)
    rake (13.0.3)
    rb-fsevent (0.10.4)
    rb-inotify (0.10.1)
      ffi (~> 1.0)
    regexp_parser (2.1.1)
    rerun (0.13.1)
      listen (~> 3.0)
    rexml (3.2.5)
    rollbar (3.1.2)
    rubocop (1.13.0)
      parallel (~> 1.10)
      parser (>= 3.0.0.0)
      rainbow (>= 2.2.2, < 4.0)
      regexp_parser (>= 1.8, < 3.0)
      rexml
      rubocop-ast (>= 1.2.0, < 2.0)
      ruby-progressbar (~> 1.7)
      unicode-display_width (>= 1.4.0, < 3.0)
    rubocop-ast (1.4.1)
      parser (>= 2.7.1.5)
    rubocop-minitest (0.12.1)
      rubocop (>= 0.90, < 2.0)
    rubocop-rake (0.5.1)
      rubocop
    ruby-progressbar (1.11.0)
    ruby2_keywords (0.0.4)
    sinatra (2.1.0)
      mustermann (~> 1.0)
      rack (~> 2.2)
      rack-protection (= 2.1.0)
      tilt (~> 2.0)
    tilt (2.0.10)
    unicode-display_width (2.0.0)
    webmock (3.12.2)
      addressable (>= 2.3.6)
      crack (>= 0.3.2)
      hashdiff (>= 0.4.0, < 2.0.0)

PLATFORMS
  ruby

DEPENDENCIES
  bson_ext
  dotenv
  minitest (~> 5.0)
  minitest-color
  mongo
  pry-byebug
  puma
  rack-test
  rake
  rb-fsevent
  rerun
  rollbar
  rubocop
  rubocop-minitest
  rubocop-rake
  sinatra
  webmock

RUBY VERSION
   ruby 2.6.5p114

BUNDLED WITH
   1.17.2
